GEM
  remote: https://rubygems.org/
  specs:
    haml (3.1.8)
    rack (1.4.5)
    rack-protection (1.5.3)
      rack
    sinatra (1.4.5)
      rack (~> 1.4)
      rack-protection (~> 1.4)
      tilt (~> 1.3, >= 1.3.4)
    tilt (1.4.1)

PLATFORMS
  ruby

DEPENDENCIES
  haml
  rack
  sinatra

RUBY VERSION
   ruby 2.3.1p112

BUNDLED WITH
   1.13.1
